GEM
  remote: https://rubygems.org/
  specs:
    abstract_type (0.0.2)
    adamantium (0.0.4)
      backports (~> 2.6.4)
      ice_nine (~> 0.6.0)
    backports (2.6.7)
    descendants_tracker (0.0.1)
    diff-lcs (1.1.3)
    equalizer (0.0.2)
      adamantium (~> 0.0.3)
      backports (~> 2.6.4)
    ice_nine (0.6.0)
    mbj-inflector (0.0.2)
    mutant (0.2.15)
      abstract_type (~> 0.0.2)
      adamantium (~> 0.0.4)
      backports (~> 2.6)
      descendants_tracker (~> 0.0.1)
      diff-lcs (~> 1.1.3)
      equalizer (~> 0.0.1)
      ice_nine (~> 0.6.0)
      mbj-inflector (~> 0.0.1)
      to_source (~> 0.2.14)
    mutant-melbourne (2.0.3)
    rake (10.0.4)
    rspec (2.13.0)
      rspec-core (~> 2.13.0)
      rspec-expectations (~> 2.13.0)
      rspec-mocks (~> 2.13.0)
    rspec-core (2.13.1)
    rspec-expectations (2.13.0)
      diff-lcs (>= 1.1.3, < 2.0)
    rspec-mocks (2.13.1)
    to_source (0.2.14)
      abstract_type (~> 0.0.1)
      adamantium (~> 0.0.3)
      equalizer (~> 0.0.2)
      mutant-melbourne (~> 2.0.3)
    virtus (0.5.4)
      backports (~> 2.6.1)
      descendants_tracker (~> 0.0.1)

PLATFORMS
  ruby

DEPENDENCIES
  mutant (~> 0.2)
  rake (~> 10.0)
  rspec (~> 2.13)
  virtus (~> 0.5)
